GEM
  remote: https://rubygems.org/
  specs:
    mini_portile2 (2.2.0)
    nokogiri (1.8.0-x64-mingw32)
      mini_portile2 (~> 2.2.0)
    ruby-ole (1.2.12.1)
    spreadsheet (1.1.4)
      ruby-ole (>= 1.0)

PLATFORMS
  x64-mingw32

DEPENDENCIES
  nokogiri
  spreadsheet

BUNDLED WITH
   1.15.1
